GEM
  remote: http://rubygems.org/
  specs:
    activemodel (3.2.13)
      activesupport (= 3.2.13)
      builder (~> 3.0.0)
    activesupport (3.2.13)
      i18n (= 0.6.1)
      multi_json (~> 1.0)
    backports (3.3.0)
    bson (1.9.1)
    bson_ext (1.9.1)
      bson (~> 1.9.1)
    builder (3.0.4)
    coderay (1.0.9)
    columnize (0.3.6)
    database_cleaner (0.8.0)
    debugger (1.6.1)
      columnize (>= 0.3.1)
      debugger-linecache (~> 1.2.0)
      debugger-ruby_core_source (~> 1.2.3)
    debugger-linecache (1.2.0)
    debugger-ruby_core_source (1.2.3)
    diff-lcs (1.2.4)
    eventmachine (1.0.3)
    ffi (1.9.0)
    i18n (0.6.1)
    json (1.8.0)
    listen (1.2.2)
      rb-fsevent (>= 0.9.3)
      rb-inotify (>= 0.9)
      rb-kqueue (>= 0.2)
    log_buddy (0.7.0)
    method_source (0.8.1)
    mongo (1.9.1)
      bson (~> 1.9.1)
    mongo_mapper (0.12.0)
      activemodel (~> 3.0)
      activesupport (~> 3.0)
      plucky (~> 0.5.2)
    multi_json (1.7.7)
    plucky (0.5.2)
      mongo (~> 1.5)
    pry (0.9.12.2)
      coderay (~> 1.0.5)
      method_source (~> 0.8)
      slop (~> 3.4)
    pry-debugger (0.2.2)
      debugger (~> 1.3)
      pry (~> 0.9.10)
    rack (1.5.2)
    rack-contrib (1.1.0)
      rack (>= 0.9.1)
    rack-protection (1.5.0)
      rack
    rack-test (0.6.2)
      rack (>= 1.0)
    rb-fsevent (0.9.3)
    rb-inotify (0.9.0)
      ffi (>= 0.5.0)
    rb-kqueue (0.2.0)
      ffi (>= 0.5.0)
    require_all (1.2.1)
    rerun (0.8.1)
      listen (>= 1.0.3)
    rspec (2.14.1)
      rspec-core (~> 2.14.0)
      rspec-expectations (~> 2.14.0)
      rspec-mocks (~> 2.14.0)
    rspec-core (2.14.3)
    rspec-expectations (2.14.0)
      diff-lcs (>= 1.1.3, < 2.0)
    rspec-mocks (2.14.1)
    sass (3.2.8)
    sinatra (1.4.3)
      rack (~> 1.4)
      rack-protection (~> 1.4)
      tilt (~> 1.3, >= 1.3.4)
    sinatra-contrib (1.4.0)
      backports (>= 2.0)
      eventmachine
      rack-protection
      rack-test
      sinatra (~> 1.4.2)
      tilt (~> 1.3)
    sinatra-partial (0.4.0)
      sinatra
    slim (2.0.0)
      temple (~> 0.6.5)
      tilt (~> 1.3, >= 1.3.3)
    slop (3.4.5)
    temple (0.6.5)
    tilt (1.4.1)

PLATFORMS
  ruby

DEPENDENCIES
  bson_ext
  database_cleaner
  json
  log_buddy
  mongo
  mongo_mapper
  pry
  pry-debugger
  rack-contrib
  require_all
  rerun
  rspec
  sass
  sinatra
  sinatra-contrib
  sinatra-partial
  slim
